GEM
  remote: https://rubygems.org/
  specs:
    debug (1.6.1)
      irb (>= 1.3.6)
      reline (>= 0.3.1)
    io-console (0.5.11)
    irb (1.4.1)
      reline (>= 0.3.0)
    minitest (5.16.2)
    reline (0.3.1)
      io-console (~> 0.5)

PLATFORMS
  x86_64-darwin-20

DEPENDENCIES
  debug
  minitest

BUNDLED WITH
   2.3.7
